GEM
  remote: https://rubygems.org/
  specs:
    bigdecimal (3.1.9)
    hana (1.3.7)
    json_schemer (2.4.0)
      bigdecimal
      hana (~> 1.3)
      regexp_parser (~> 2.0)
      simpleidn (~> 0.2)
    openapi_first (2.6.0)
      hana (~> 1.3)
      json_schemer (>= 2.1, < 3.0)
      openapi_parameters (>= 0.3.3, < 2.0)
      rack (>= 2.2, < 4.0)
    openapi_parameters (0.5.0)
      rack (>= 2.2)
    rack (3.1.13)
    regexp_parser (2.10.0)
    simpleidn (0.2.3)

PLATFORMS
  arm64-darwin-24
  ruby

DEPENDENCIES
  openapi_first (~> 2.6)

BUNDLED WITH
   2.6.3
